PATH
  remote: .
  specs:
    moab-versioning (6.1.0)
      druid-tools (>= 1.0.0)
      json
      nokogiri
      nokogiri-happymapper

GEM
  remote: https://rubygems.org/
  specs:
    ast (2.4.2)
    byebug (11.1.3)
    coderay (1.1.3)
    diff-lcs (1.5.0)
    docile (1.4.0)
    druid-tools (3.0.0)
    equivalent-xml (0.6.0)
      nokogiri (>= 1.4.3)
    json (2.6.3)
    method_source (1.0.0)
    nokogiri (1.14.2-x86_64-darwin)
      racc (~> 1.4)
    nokogiri (1.14.2-x86_64-linux)
      racc (~> 1.4)
    nokogiri-happymapper (0.9.0)
      nokogiri (~> 1.5)
    parallel (1.22.1)
    parser (3.2.1.0)
      ast (~> 2.4.1)
    pry (0.14.2)
      coderay (~> 1.1)
      method_source (~> 1.0)
    pry-byebug (3.10.1)
      byebug (~> 11.0)
      pry (>= 0.13, < 0.15)
    racc (1.6.2)
    rainbow (3.1.1)
    rake (13.0.6)
    regexp_parser (2.7.0)
    rexml (3.2.5)
    rspec (3.12.0)
      rspec-core (~> 3.12.0)
      rspec-expectations (~> 3.12.0)
      rspec-mocks (~> 3.12.0)
    rspec-core (3.12.1)
      rspec-support (~> 3.12.0)
    rspec-expectations (3.12.2)
      diff-lcs (>= 1.2.0, < 2.0)
      rspec-support (~> 3.12.0)
    rspec-mocks (3.12.3)
      diff-lcs (>= 1.2.0, < 2.0)
      rspec-support (~> 3.12.0)
    rspec-support (3.12.0)
    rubocop (1.46.0)
      json (~> 2.3)
      parallel (~> 1.10)
      parser (>= 3.2.0.0)
      rainbow (>= 2.2.2, < 4.0)
      regexp_parser (>= 1.8, < 3.0)
      rexml (>= 3.2.5, < 4.0)
      rubocop-ast (>= 1.26.0, < 2.0)
      ruby-progressbar (~> 1.7)
      unicode-display_width (>= 2.4.0, < 3.0)
    rubocop-ast (1.26.0)
      parser (>= 3.2.1.0)
    rubocop-capybara (2.17.1)
      rubocop (~> 1.41)
    rubocop-rspec (2.18.1)
      rubocop (~> 1.33)
      rubocop-capybara (~> 2.17)
    ruby-progressbar (1.11.0)
    simplecov (0.22.0)
      docile (~> 1.1)
      simplecov-html (~> 0.11)
      simplecov_json_formatter (~> 0.1)
    simplecov-html (0.12.3)
    simplecov_json_formatter (0.1.4)
    unicode-display_width (2.4.2)

PLATFORMS
  x86_64-darwin-19
  x86_64-darwin-21
  x86_64-linux

DEPENDENCIES
  equivalent-xml
  moab-versioning!
  pry-byebug
  rake
  rspec
  rubocop (~> 1.7)
  rubocop-rspec (~> 2.1)
  simplecov

BUNDLED WITH
   2.4.5
